GEM
  remote: https://rubygems.org/
  specs:
    activesupport (4.0.4)
      i18n (~> 0.6, >= 0.6.9)
      minitest (~> 4.2)
      multi_json (~> 1.3)
      thread_safe (~> 0.1)
      tzinfo (~> 0.3.37)
    atomic (1.1.16)
    bootstrap-sass (3.0.3.0)
      sass (~> 3.2)
    chunky_png (1.3.0)
    coderay (1.1.0)
    coffee-script (2.2.0)
      coffee-script-source
      execjs
    coffee-script-source (1.7.0)
    compass (0.12.2)
      chunky_png (~> 1.2)
      fssm (>= 0.2.7)
      sass (~> 3.1)
    daemons (1.1.9)
    dalli (2.7.0)
    dotenv (0.10.0)
    erubis (2.7.0)
    eventmachine (1.0.3)
    execjs (2.0.2)
    faraday (0.8.9)
      multipart-post (~> 1.2.0)
    faraday_middleware (0.9.0)
      faraday (>= 0.7.4, < 0.9)
    flatrack (1.3.0)
      activesupport (> 3.2, < 4.2)
      coffee-script (~> 2.2)
      erubis (~> 2.7)
      rack (~> 1.4)
      rake (> 0.8.7, < 10.2)
      sass (~> 3.2)
      sprockets-sass (~> 1.0)
      thor (~> 0.18)
      tilt (~> 1.1)
    foreman (0.63.0)
      dotenv (>= 0.7)
      thor (>= 0.13.6)
    fssm (0.2.10)
    haml (4.0.5)
      tilt
    haml-flatrack (1.0.0)
      haml
    hike (1.2.3)
    i18n (0.6.9)
    json (1.8.1)
    mapel (0.1.6)
    method_source (0.8.2)
    minitest (4.7.5)
    multi_json (1.9.2)
    multipart-post (1.2.0)
    pry (0.9.12.6)
      coderay (~> 1.0)
      method_source (~> 0.8)
      slop (~> 3.4)
    rack (1.5.2)
    rack-cache (1.2)
      rack (>= 0.4)
    rack-thumb (0.2.4)
      mapel (>= 0.1.6)
      rack
    rake (10.1.1)
    sass (3.2.14)
    slop (3.4.7)
    sprockets (2.12.0)
      hike (~> 1.2)
      multi_json (~> 1.0)
      rack (~> 1.0)
      tilt (~> 1.1, != 1.3.0)
    sprockets-sass (1.0.3)
      sprockets (~> 2.0)
      tilt (~> 1.1)
    thin (1.6.1)
      daemons (>= 1.0.9)
      eventmachine (>= 1.0.0)
      rack (>= 1.0.0)
    thor (0.18.1)
    thread_safe (0.3.1)
      atomic (>= 1.1.7, < 2)
    tilt (1.4.1)
    tzinfo (0.3.39)
    uglifier (2.4.0)
      execjs (>= 0.3.0)
      json (>= 1.8.0)

PLATFORMS
  ruby

DEPENDENCIES
  bootstrap-sass (~> 3.0.3.0)
  compass
  dalli
  faraday
  faraday_middleware
  flatrack (~> 1.3.0)
  foreman
  haml-flatrack (~> 1.0.0)
  pry
  rack-cache
  rack-thumb
  thin
  uglifier
